GEM
  remote: https://rubygems.org/
  specs:
    activesupport (5.2.1)
      concurrent-ruby (~> 1.0, >= 1.0.2)
      i18n (>= 0.7, < 2)
      minitest (~> 5.1)
      tzinfo (~> 1.1)
    backports (3.11.4)
    base62 (1.0.0)
    concurrent-ruby (1.0.5)
    diff-lcs (1.3)
    hiredis (0.6.1)
    i18n (1.1.1)
      concurrent-ruby (~> 1.0)
    minitest (5.11.3)
    multi_json (1.13.1)
    mustermann (1.0.3)
    nest (3.1.1)
      redic
    ohm (3.1.1)
      nest (~> 3)
      redic (~> 1.5.0)
      stal
    pg (1.1.3)
    puma (3.12.0)
    rack (2.0.5)
    rack-cors (0.4.1)
    rack-protection (2.0.4)
      rack
    rake (12.3.1)
    redic (1.5.0)
      hiredis
    rspec (3.8.0)
      rspec-core (~> 3.8.0)
      rspec-expectations (~> 3.8.0)
      rspec-mocks (~> 3.8.0)
    rspec-core (3.8.0)
      rspec-support (~> 3.8.0)
    rspec-expectations (3.8.2)
      diff-lcs (>= 1.2.0, < 2.0)
      rspec-support (~> 3.8.0)
    rspec-mocks (3.8.0)
      diff-lcs (>= 1.2.0, < 2.0)
      rspec-support (~> 3.8.0)
    rspec-support (3.8.0)
    sequel (5.13.0)
    sinatra (2.0.4)
      mustermann (~> 1.0)
      rack (~> 2.0)
      rack-protection (= 2.0.4)
      tilt (~> 2.0)
    sinatra-contrib (2.0.4)
      activesupport (>= 4.0.0)
      backports (>= 2.8.2)
      multi_json
      mustermann (~> 1.0)
      rack-protection (= 2.0.4)
      sinatra (= 2.0.4)
      tilt (>= 1.3, < 3)
    sqlite3 (1.3.13)
    stal (0.3.0)
      redic (~> 1.5)
    thread_safe (0.3.6)
    tilt (2.0.8)
    tzinfo (1.2.5)
      thread_safe (~> 0.1)
    uuid64 (0.0.7)
      base62 (~> 1.0)
    yajl-ruby (1.4.0)

PLATFORMS
  ruby

DEPENDENCIES
  bundler (~> 1.13)
  ohm
  pg (~> 1.1)
  puma
  rack-cors (~> 0.4)
  rake (~> 12.0)
  rspec (~> 3.0)
  sequel (~> 5.0)
  sinatra (~> 2.0)
  sinatra-contrib
  sqlite3 (~> 1.3)
  uuid64
  yajl-ruby

BUNDLED WITH
   1.16.2
